GEM
  remote: https://rubygems.org/
  specs:
    airbrussh (1.3.0)
      sshkit (>= 1.6.1, != 1.7.0)
    ast (2.4.0)
    awesome_print (1.8.0)
    byebug (10.0.2)
    capistrano (3.10.2)
      airbrussh (>= 1.0.0)
      i18n
      rake (>= 10.0.0)
      sshkit (>= 1.9.0)
    capistrano-bundler (1.3.0)
      capistrano (~> 3.1)
      sshkit (~> 1.2)
    capistrano-foreman (1.3.0)
      capistrano (~> 3.1)
      capistrano-bundler (~> 1.1)
    concurrent-ruby (1.0.5)
    ffi (1.11.1)
    foreman (0.84.0)
      thor (~> 0.19.1)
    i18n (1.0.1)
      concurrent-ruby (~> 1.0)
    listen (3.1.5)
      rb-fsevent (~> 0.9, >= 0.9.4)
      rb-inotify (~> 0.9, >= 0.9.7)
      ruby_dep (~> 1.2)
    mail (2.7.0)
      mini_mime (>= 0.1.1)
    mini_mime (1.0.0)
    minitest (5.11.3)
    minitest-assert_changes (1.0.0)
      minitest
    mustermann (1.0.3)
    net-scp (1.2.1)
      net-ssh (>= 2.6.5)
    net-ssh (4.2.0)
    parallel (1.12.1)
    parser (2.5.1.0)
      ast (~> 2.4.0)
    pony (1.12)
      mail (>= 2.0)
    powerpack (0.1.1)
    puma (3.12.2)
    rack (2.0.7)
    rack-protection (2.0.2)
      rack
    rack-test (1.0.0)
      rack (>= 1.0, < 3)
    rainbow (3.0.0)
    rake (13.0.1)
    rb-fsevent (0.10.3)
    rb-inotify (0.9.10)
      ffi (>= 0.5.0, < 2)
    rerun (0.13.0)
      listen (~> 3.0)
    rubocop (0.55.0)
      parallel (~> 1.10)
      parser (>= 2.5)
      powerpack (~> 0.1)
      rainbow (>= 2.2.2, < 4.0)
      ruby-progressbar (~> 1.7)
      unicode-display_width (~> 1.0, >= 1.0.1)
    ruby-progressbar (1.9.0)
    ruby_dep (1.5.0)
    semver (1.0.1)
    sinatra (2.0.2)
      mustermann (~> 1.0)
      rack (~> 2.0)
      rack-protection (= 2.0.2)
      tilt (~> 2.0)
    sshkit (1.16.0)
      net-scp (>= 1.1.2)
      net-ssh (>= 2.8.0)
    thor (0.19.4)
    tilt (2.0.10)
    unicode-display_width (1.3.2)

PLATFORMS
  ruby

DEPENDENCIES
  awesome_print
  byebug
  capistrano
  capistrano-foreman
  foreman
  minitest
  minitest-assert_changes
  pony
  puma
  rack-test
  rerun
  rubocop
  semver
  sinatra

BUNDLED WITH
   1.16.1
